GEM
  remote: https://rubygems.org/
  remote: https://Up97EjxiNexkaesDEnU1@repo.fury.io/sportngin/
  specs:
    aws-sdk (2.0.38)
      aws-sdk-resources (= 2.0.38)
    aws-sdk-core (2.0.38)
      builder (~> 3.0)
      jmespath (~> 1.0)
      multi_json (~> 1.0)
    aws-sdk-resources (2.0.38)
      aws-sdk-core (= 2.0.38)
    builder (3.2.2)
    childprocess (0.5.6)
      ffi (~> 1.0, >= 1.0.11)
    chromedriver-helper (0.0.8)
      nokogiri (~> 1.6)
      version_sorter (~> 1.1)
    data_magic (0.21)
      faker (>= 1.1.2)
      yml_reader (>= 0.4)
    diff-lcs (1.2.5)
    faker (1.4.3)
      i18n (~> 0.5)
    ffi (1.9.8)
    ffi (1.9.8-x86-mingw32)
    flay (2.5.0)
      ruby_parser (~> 3.0)
      sexp_processor (~> 4.0)
    headless (1.0.2)
    i18n (0.7.0)
    jmespath (1.0.2)
      multi_json (~> 1.0)
    json (1.8.2)
    junit_merge (0.1.2)
      nokogiri (>= 1.5, < 2.0)
    mini_portile (0.6.2)
    multi_json (1.11.0)
    nokogiri (1.6.6.2)
      mini_portile (~> 0.6.0)
    nokogiri (1.6.6.2-x86-mingw32)
      mini_portile (~> 0.6.0)
    page-object (1.0)
      page_navigation (>= 0.9)
      selenium-webdriver (>= 2.42.0)
      watir-webdriver (>= 0.6.9)
    page_navigation (0.9)
      data_magic (>= 0.14)
    rainbow (2.0.0)
    rake (10.3.2)
    redcarpet (3.2.3)
    reek (1.3.8)
      rainbow (>= 1.99, < 3.0)
      ruby2ruby (>= 2.0.8, < 3.0)
      ruby_parser (~> 3.3)
      sexp_processor
    rspec (3.1.0)
      rspec-core (~> 3.1.0)
      rspec-expectations (~> 3.1.0)
      rspec-mocks (~> 3.1.0)
    rspec-core (3.1.2)
      rspec-support (~> 3.1.0)
    rspec-expectations (3.1.2)
      diff-lcs (>= 1.2.0, < 2.0)
      rspec-support (~> 3.1.0)
    rspec-mocks (3.1.3)
      rspec-support (~> 3.1.0)
    rspec-support (3.1.2)
    rspec_junit_formatter (0.2.0)
      builder (< 4)
      rspec (>= 2, < 4)
      rspec-core (!= 2.12.0)
    ruby2ruby (2.1.3)
      ruby_parser (~> 3.1)
      sexp_processor (~> 4.0)
    ruby_parser (3.6.5)
      sexp_processor (~> 4.1)
    rubyzip (1.1.7)
    rufus-scheduler (3.0.9)
      tzinfo
    selenium-webdriver (2.44.0)
      childprocess (~> 0.5)
      multi_json (~> 1.0)
      rubyzip (~> 1.0)
      websocket (~> 1.0)
    sexp_processor (4.5.0)
    sportngin-watir-webdriver (0.7.0.4)
      selenium-webdriver (>= 2.43)
    thread_safe (0.3.5)
    tzinfo (1.2.2)
      thread_safe (~> 0.1)
    version_sorter (1.1.1)
    watir-webdriver (0.6.9)
      selenium-webdriver (>= 2.18.0)
    websocket (1.2.1)
    yard (0.8.7.6)
    yarjuf (2.0.0)
      builder
      rspec (~> 3)
    yml_reader (0.5)

PLATFORMS
  ruby
  x86-mingw32

DEPENDENCIES
  aws-sdk
  chromedriver-helper
  faker
  flay (~> 2.5.0)
  headless
  json (~> 1.8.1)
  junit_merge
  page-object (= 1.0.0)
  rake (~> 10.3.2)
  redcarpet
  reek (~> 1.3.8)
  rspec (= 3.1.0)
  rspec-core (= 3.1.2)
  rspec_junit_formatter
  rufus-scheduler
  selenium-webdriver (= 2.44)
  sportngin-watir-webdriver (= 0.7.0.4)
  watir-webdriver (= 0.6.9)
  yard
  yarjuf
